GEM
  remote: https://rubygems.org/
  specs:
    geocoder (1.8.0)

PLATFORMS
  ruby

DEPENDENCIES
  geocoder (~> 1.8)
