GEM
  remote: https://rubygems.org/
  specs:
    geocoder (1.8.0)

PLATFORMS
  ruby
  x86_64-linux

DEPENDENCIES
  geocoder (~> 1.8)

BUNDLED WITH
   1.17.2
