GEM
  remote: https://rubygems.org/
  specs:
    geocoder (1.8.0)

PLATFORMS
  x86_64-linux

DEPENDENCIES
  geocoder (~> 1.8)

BUNDLED WITH
   2.3.5
